GEM
  remote: https://rubygems.org/
  specs:
    byebug (11.1.3)
    minitest (5.14.4)
    rack (2.2.3)

PLATFORMS
  ruby

DEPENDENCIES
  bundler (~> 2.1.2)
  byebug (~> 11.1.3)
  minitest (~> 5.14.4)
  rack (~> 2.2.3)

BUNDLED WITH
   2.1.2
